PATH
  remote: .
  specs:
    mongoload (0.0.1)
      bson
      bson_ext
      commander (~> 4.1.2)
      mongo
      mysql2
      term-ansicolor (~> 1.0.7)
      terminal-table (~> 1.4.5)

GEM
  remote: https://rubygems.org/
  specs:
    bson (1.9.2)
    bson_ext (1.9.2)
      bson (~> 1.9.2)
    commander (4.1.5)
      highline (~> 1.6.11)
    diff-lcs (1.2.4)
    highline (1.6.19)
    mongo (1.9.2)
      bson (~> 1.9.2)
    mysql2 (0.3.13)
    rake (10.1.0)
    rspec (2.14.1)
      rspec-core (~> 2.14.0)
      rspec-expectations (~> 2.14.0)
      rspec-mocks (~> 2.14.0)
    rspec-core (2.14.5)
    rspec-expectations (2.14.2)
      diff-lcs (>= 1.1.3, < 2.0)
    rspec-mocks (2.14.3)
    term-ansicolor (1.0.7)
    terminal-table (1.4.5)

PLATFORMS
  ruby

DEPENDENCIES
  mongoload!
  rake
  rspec
